GEM
  remote: http://rubygems.org/
  specs:
    activesupport (3.2.14)
      i18n (~> 0.6, >= 0.6.4)
      multi_json (~> 1.0)
    bubble-wrap (1.4.0)
    claide (0.3.2)
    cocoapods (0.26.2)
      activesupport (~> 3.2)
      claide (~> 0.3.2)
      cocoapods-core (= 0.26.2)
      cocoapods-downloader (~> 0.2.0)
      colored (~> 1.2)
      escape (~> 0.0.4)
      json (~> 1.8)
      open4 (~> 1.3)
      xcodeproj (~> 0.13.0)
    cocoapods-core (0.26.2)
      activesupport (~> 3.0)
      json (~> 1.8)
      nap (~> 0.5)
    cocoapods-downloader (0.2.0)
    colored (1.2)
    deep_merge (1.0.0)
    escape (0.0.4)
    formotion (1.6)
      bubble-wrap (~> 1.4.0)
      motion-require (~> 0.0.3)
    i18n (0.6.5)
    i18n_tools (0.1.5)
      deep_merge
      ya2yaml
    json (1.8.0)
    motion-cocoapods (1.4.0)
      cocoapods (>= 0.26.2)
    motion-devices (0.0.2)
    motion-i18n (0.0.2)
      i18n
      motion-require
    motion-require (0.0.7)
    motion-resource (0.1.4)
      bubble-wrap
      motion-support (>= 0.2.3)
    motion-stump (0.3.0)
    motion-support (0.2.5)
      motion-require (>= 0.0.6)
    motion-testflight (1.5)
    multi_json (1.8.1)
    nap (0.5.1)
    open4 (1.3.0)
    rake (10.1.0)
    teacup (2.1.12)
    webstub (0.6.1)
    xcodeproj (0.13.1)
      activesupport (~> 3.0)
      colored (~> 1.2)
    ya2yaml (0.31)

PLATFORMS
  ruby

DEPENDENCIES
  bubble-wrap
  formotion
  i18n_tools
  motion-cocoapods
  motion-devices
  motion-i18n
  motion-resource
  motion-stump
  motion-support
  motion-testflight
  rake
  teacup
  webstub
